PATH
  remote: .
  specs:
    taski (0.1.0)

GEM
  remote: https://rubygems.org/
  specs:
    rake (13.2.1)

PLATFORMS
  arm64-darwin-24

DEPENDENCIES
  rake (~> 13.0)
  taski!

BUNDLED WITH
   2.6.2
